GEM
  remote: https://rubygems.org/
  specs:
    aptly-api (0.10.1)
      excon (~> 0.71)
      faraday (~> 0.9)
    excon (0.82.0)
    faraday (0.17.4)
      multipart-post (>= 1.2, < 3)
    multipart-post (2.1.1)

PLATFORMS
  x86_64-linux

DEPENDENCIES
  aptly-api

BUNDLED WITH
   2.2.5
